PATH
  remote: .
  specs:
    pill (0.5.1)
      http_parser.rb (~> 0.5.3)

GEM
  remote: https://rubygems.org/
  specs:
    http_parser.rb (0.5.3)
    rake (10.4.2)

PLATFORMS
  ruby

DEPENDENCIES
  bundler (~> 1.7)
  pill!
  rake (~> 10.0)
